GEM
  remote: https://rubygems.org/
  specs:
    colorize (0.8.1)
    rake (12.0.0)

PLATFORMS
  ruby

DEPENDENCIES
  colorize
  rake
